GIT
  remote: https://github.com/angelim/mongoid-rspec.git
  revision: 7030cca22631c8c24a8ea5718006044fb65c860a
  branch: mongoid-3.0-support
  specs:
    mongoid-rspec (1.4.4)
      mongoid (>= 2.0)
      rake
      rspec (~> 2)

GIT
  remote: https://github.com/jnicklas/carrierwave.git
  revision: b038398bbc0332f24674415b8ec8f296422ccf81
  specs:
    carrierwave (0.6.2)
      activemodel (>= 3.2.0)
      activesupport (>= 3.2.0)

GIT
  remote: https://github.com/minefold/em-mixpanel.git
  revision: c37dbd454819eb9d91503f8d008e06337f6f2eac
  specs:
    em-mixpanel (0.0.3)
      em-http-request

GIT
  remote: https://github.com/mongoid/mongoid.git
  revision: e5a6f2f841ba7ab32fe5e16039381d744ab27842
  ref: e5a6f2f841ba7ab32fe5e16039381d744ab27842
  specs:
    mongoid (3.0.0)
      activemodel (~> 3.1)
      mongo (~> 1.3)
      origin (~> 1.0.0.beta)
      tzinfo (~> 0.3.22)

GIT
  remote: https://github.com/rspec/rspec-rails.git
  revision: 3ad5d8a115c3bf50a2e9a361cc9a1f19210afd58
  specs:
    rspec-rails (2.9.0)
      actionpack (>= 3.0)
      activesupport (>= 3.0)
      railties (>= 3.0)
      rspec (~> 2.9.0)

GIT
  remote: https://github.com/stammy/premailer-rails3.git
  revision: 3c37ac7e9e70cb14ee6b9ac3a8531058b647078a
  specs:
    premailer-rails3 (1.0.1)
      premailer (~> 1.7)
      rails (~> 3)

GEM
  remote: https://code.stripe.com/
  remote: https://rubygems.org/
  specs:
    ZenTest (4.7.0)
    actionmailer (3.2.3)
      actionpack (= 3.2.3)
      mail (~> 2.4.4)
    actionpack (3.2.3)
      activemodel (= 3.2.3)
      activesupport (= 3.2.3)
      builder (~> 3.0.0)
      erubis (~> 2.7.0)
      journey (~> 1.0.1)
      rack (~> 1.4.0)
      rack-cache (~> 1.2)
      rack-test (~> 0.6.1)
      sprockets (~> 2.1.2)
    activemodel (3.2.3)
      activesupport (= 3.2.3)
      builder (~> 3.0.0)
    activerecord (3.2.3)
      activemodel (= 3.2.3)
      activesupport (= 3.2.3)
      arel (~> 3.0.2)
      tzinfo (~> 0.3.29)
    activeresource (3.2.3)
      activemodel (= 3.2.3)
      activesupport (= 3.2.3)
    activesupport (3.2.3)
      i18n (~> 0.6)
      multi_json (~> 1.0)
    addressable (2.2.7)
    arel (3.0.2)
    autotest-rails (4.1.2)
      ZenTest (~> 4.5)
    backbone-rails (0.9.2)
      rails (>= 3.0.0)
    bcrypt-ruby (3.0.1)
    bourbon (1.4.0)
      sass (>= 3.1)
    bson (1.6.2)
    bson_ext (1.6.1)
      bson (~> 1.6.1)
    builder (3.0.0)
    cancan (1.6.7)
    capybara (1.1.2)
      mime-types (>= 1.16)
      nokogiri (>= 1.3.3)
      rack (>= 1.0.0)
      rack-test (>= 0.5.4)
      selenium-webdriver (~> 2.0)
      xpath (~> 0.1.4)
    carrierwave-mongoid (0.1.0)
      carrierwave
      mongoid
    childprocess (0.3.2)
      ffi (~> 1.0.6)
    coffee-filter (0.1.1)
      coffee-script (>= 2.2.0)
      haml (>= 3.0.18)
    coffee-rails (3.2.2)
      coffee-script (>= 2.2.0)
      railties (~> 3.2.0)
    coffee-script (2.2.0)
      coffee-script-source
      execjs
    coffee-script-source (1.2.0)
    createsend (1.0.3)
      hashie (~> 1.0)
      httparty (~> 0.8)
      json
    css_parser (1.2.6)
      addressable
      rdoc
    curb (0.8.0)
    daemons (1.1.8)
    database_cleaner (0.7.2)
    decent_exposure (1.0.2)
    devise (2.0.4)
      bcrypt-ruby (~> 3.0)
      orm_adapter (~> 0.0.3)
      railties (~> 3.1)
      warden (~> 1.1.1)
    diff-lcs (1.1.3)
    em-http-request (0.3.0)
      addressable (>= 2.0.0)
      escape_utils
      eventmachine (>= 0.12.9)
    erubis (2.7.0)
    escape_utils (0.2.4)
    eventmachine (0.12.10)
    exceptional (2.0.32)
      rack
    excon (0.13.4)
    execjs (1.3.0)
      multi_json (~> 1.0)
    fabrication (1.3.2)
    faker (1.0.1)
      i18n (~> 0.4)
    faraday (0.8.0)
      multipart-post (~> 1.1)
    ffi (1.0.11)
    fog (1.3.1)
      builder
      excon (~> 0.13.0)
      formatador (~> 0.2.0)
      mime-types
      multi_json (~> 1.0)
      net-scp (~> 1.0.4)
      net-ssh (>= 2.1.3)
      nokogiri (~> 1.5.0)
      ruby-hmac
    foreman (0.44.0)
      thor (>= 0.13.6)
    formatador (0.2.1)
    haml (3.1.4)
    hashie (1.2.0)
    heroku (2.25.0)
      launchy (>= 0.3.2)
      netrc (~> 0.7.1)
      rest-client (~> 1.6.1)
      rubyzip
    hike (1.2.1)
    htmlentities (4.3.1)
    httparty (0.8.1)
      multi_json
      multi_xml
    httpauth (0.1)
    i18n (0.6.0)
    journey (1.0.3)
    jquery-rails (2.0.2)
      railties (>= 3.2.0, < 5.0)
      thor (~> 0.14)
    json (1.6.6)
    kaminari (0.13.0)
      actionpack (>= 3.0.0)
      activesupport (>= 3.0.0)
      railties (>= 3.0.0)
    launchy (2.1.0)
      addressable (~> 2.2.6)
    letter_opener (0.0.2)
      launchy
    libwebsocket (0.1.3)
      addressable
    macaddr (1.5.0)
      systemu (>= 2.4.0)
    mail (2.4.4)
      i18n (>= 0.4.0)
      mime-types (~> 1.16)
      treetop (~> 1.4.8)
    mail_view (1.0.2)
    mailgun-rails (0.1.1)
      actionmailer
      activesupport
      curb
    mime-types (1.18)
    mini_magick (3.4)
      subexec (~> 0.2.1)
    mongo (1.6.2)
      bson (~> 1.6.2)
    multi_json (1.3.2)
    multi_xml (0.4.4)
    multipart-post (1.1.5)
    nbtfile (0.2.0)
    net-scp (1.0.4)
      net-ssh (>= 1.99.1)
    net-ssh (2.3.0)
    netrc (0.7.1)
    newrelic_rpm (3.3.4.1)
    nokogiri (1.5.2)
    oauth2 (0.6.1)
      faraday (~> 0.7)
      httpauth (~> 0.1)
      multi_json (~> 1.3)
    omniauth (1.1.0)
      hashie (~> 1.2)
      rack
    omniauth-facebook (1.2.0)
      omniauth-oauth2 (~> 1.0.0)
    omniauth-oauth2 (1.0.1)
      oauth2 (~> 0.6.0)
      omniauth (~> 1.0)
    origin (1.0.0.beta)
    orm_adapter (0.0.7)
    polyglot (0.3.3)
    premailer (1.7.3)
      css_parser (>= 1.1.9)
      htmlentities (>= 4.0.0)
    pusher (0.9.2)
      multi_json (~> 1.0)
      ruby-hmac (~> 0.4.0)
      signature (~> 0.1.2)
    rabl (0.6.10)
      activesupport (>= 2.3.14)
      multi_json (~> 1.0)
    rack (1.4.1)
    rack-cache (1.2)
      rack (>= 0.4)
    rack-protection (1.2.0)
      rack
    rack-ssl (1.3.2)
      rack
    rack-test (0.6.1)
      rack (>= 1.0)
    rack-www (1.4.0)
      rack
    rails (3.2.3)
      actionmailer (= 3.2.3)
      actionpack (= 3.2.3)
      activerecord (= 3.2.3)
      activeresource (= 3.2.3)
      activesupport (= 3.2.3)
      bundler (~> 1.0)
      railties (= 3.2.3)
    railties (3.2.3)
      actionpack (= 3.2.3)
      activesupport (= 3.2.3)
      rack-ssl (~> 1.3.2)
      rake (>= 0.8.7)
      rdoc (~> 3.4)
      thor (~> 0.14.6)
    rake (0.9.2.2)
    rdiscount (1.6.8)
    rdoc (3.12)
      json (~> 1.4)
    redis (2.2.2)
    redis-namespace (1.0.3)
      redis (< 3.0.0)
    resque (1.20.0)
      multi_json (~> 1.0)
      redis-namespace (~> 1.0.2)
      sinatra (>= 0.9.2)
      vegas (~> 0.1.2)
    resque-exceptional (0.1.0)
      resque (>= 1.8.0)
    resque_mailer (2.0.3)
      actionmailer (>= 3.0.0)
      resque (>= 1.2.3)
    rest-client (1.6.7)
      mime-types (>= 1.16)
    rpm_contrib (2.1.8)
      newrelic_rpm (>= 3.1.1)
      newrelic_rpm (>= 3.1.1)
    rspec (2.9.0)
      rspec-core (~> 2.9.0)
      rspec-expectations (~> 2.9.0)
      rspec-mocks (~> 2.9.0)
    rspec-core (2.9.0)
    rspec-expectations (2.9.1)
      diff-lcs (~> 1.1.3)
    rspec-mocks (2.9.0)
    ruby-hmac (0.4.0)
    rubyzip (0.9.7)
    sass (3.1.16)
    sass-rails (3.2.5)
      railties (~> 3.2.0)
      sass (>= 3.1.10)
      tilt (~> 1.3)
    selenium-webdriver (2.21.2)
      childprocess (>= 0.2.5)
      ffi (~> 1.0)
      libwebsocket (~> 0.1.3)
      multi_json (~> 1.0)
      rubyzip
    signature (0.1.2)
      ruby-hmac
    sinatra (1.3.2)
      rack (~> 1.3, >= 1.3.6)
      rack-protection (~> 1.2)
      tilt (~> 1.3, >= 1.3.3)
    sprockets (2.1.2)
      hike (~> 1.2)
      rack (~> 1.0)
      tilt (~> 1.1, != 1.3.0)
    statsd-instrument (1.2.0)
    stripe (1.6.3)
      rest-client (~> 1.4)
    subexec (0.2.2)
    systemu (2.5.0)
    thin (1.3.1)
      daemons (>= 1.0.9)
      eventmachine (>= 0.12.6)
      rack (>= 1.0.0)
    thor (0.14.6)
    tilt (1.3.3)
    timecop (0.3.5)
    treetop (1.4.10)
      polyglot
      polyglot (>= 0.3.1)
    tzinfo (0.3.33)
    uglifier (1.2.4)
      execjs (>= 0.3.0)
      multi_json (>= 1.0.2)
    uuid (2.3.5)
      macaddr (~> 1.0)
    vegas (0.1.11)
      rack (>= 1.0.0)
    warden (1.1.1)
      rack (>= 1.0)
    xpath (0.1.4)
      nokogiri (~> 1.3)

PLATFORMS
  ruby

DEPENDENCIES
  autotest-rails
  backbone-rails
  bourbon
  bson_ext
  cancan
  capybara (~> 1.1.1)
  carrierwave!
  carrierwave-mongoid
  coffee-filter
  coffee-rails
  createsend
  database_cleaner
  decent_exposure
  devise
  em-mixpanel!
  exceptional
  fabrication
  faker
  fog
  foreman
  haml
  heroku
  jquery-rails
  kaminari
  letter_opener
  mail_view
  mailgun-rails
  mini_magick
  mongo (~> 1.5)
  mongoid!
  mongoid-rspec!
  nbtfile
  newrelic_rpm
  omniauth-facebook
  premailer
  premailer-rails3!
  pusher
  rabl (>= 0.5)
  rack-www
  rails
  rake
  rdiscount
  resque
  resque-exceptional
  resque_mailer
  rpm_contrib
  rspec
  rspec-rails!
  rubyzip
  sass-rails
  sprockets
  statsd-instrument
  stripe
  thin
  timecop
  uglifier
  uuid
