GIT
  remote: https://github.com/chrislloyd/flipper-redis.git
  revision: 90523cf775f9bb8c6400ba306fcf1a2d873d3080
  specs:
    flipper-redis (0.2.0)
      flipper (~> 0.3.0)

GIT
  remote: https://github.com/chrislloyd/flipper.git
  revision: 31215b2dfdd794d7e72dd3d381dcf723f1a81d5d
  specs:
    flipper (0.3.0)

GIT
  remote: https://github.com/chrislloyd/uniquify.git
  revision: b33080d65e6bad2b936b5d4a4bf7c645a6f34500
  specs:
    uniquify (0.1.0)

GEM
  remote: https://code.stripe.com/
  remote: https://rubygems.org/
  specs:
    actionmailer (3.2.9)
      actionpack (= 3.2.9)
      mail (~> 2.4.4)
    actionpack (3.2.9)
      activemodel (= 3.2.9)
      activesupport (= 3.2.9)
      builder (~> 3.0.0)
      erubis (~> 2.7.0)
      journey (~> 1.0.4)
      rack (~> 1.4.0)
      rack-cache (~> 1.2)
      rack-test (~> 0.6.1)
      sprockets (~> 2.2.1)
    activemodel (3.2.9)
      activesupport (= 3.2.9)
      builder (~> 3.0.0)
    activerecord (3.2.9)
      activemodel (= 3.2.9)
      activesupport (= 3.2.9)
      arel (~> 3.0.2)
      tzinfo (~> 0.3.29)
    activeresource (3.2.9)
      activemodel (= 3.2.9)
      activesupport (= 3.2.9)
    activesupport (3.2.9)
      i18n (~> 0.6)
      multi_json (~> 1.0)
    aggregate (0.2.2)
    arel (3.0.2)
    autotest-standalone (4.5.11)
    bcrypt-ruby (3.0.1)
    bourbon (3.0.1)
      sass (>= 3.2.0)
      thor
    bugsnag (1.2.7)
      httparty (>= 0.5, < 1.0)
      multi_json (~> 1.0)
    builder (3.0.4)
    cancan (1.6.8)
    carrierwave (0.7.1)
      activemodel (>= 3.2.0)
      activesupport (>= 3.2.0)
    charlock_holmes (0.6.9)
    coffee-rails (3.2.2)
      coffee-script (>= 2.2.0)
      railties (~> 3.2.0)
    coffee-script (2.2.0)
      coffee-script-source
      execjs
    coffee-script-source (1.4.0)
    curb (0.8.3)
    daemons (1.1.9)
    decent_exposure (2.0.0.rc1)
    devise (2.1.2)
      bcrypt-ruby (~> 3.0)
      orm_adapter (~> 0.1)
      railties (~> 3.1)
      warden (~> 1.2.1)
    diff-lcs (1.1.3)
    ejs (1.1.1)
    erubis (2.7.0)
    escape_utils (0.2.4)
    eventmachine (1.0.0)
    excon (0.16.10)
    execjs (1.4.0)
      multi_json (~> 1.0)
    faker (1.1.2)
      i18n (~> 0.5)
    fakeweb (1.3.0)
    faraday (0.8.4)
      multipart-post (~> 1.1)
    fog (1.8.0)
      builder
      excon (~> 0.14)
      formatador (~> 0.2.0)
      mime-types
      multi_json (~> 1.0)
      net-scp (~> 1.0.4)
      net-ssh (>= 2.1.3)
      nokogiri (~> 1.5.0)
      ruby-hmac
    formatador (0.2.4)
    friendly_id (4.0.9)
    gemoji (1.3.0)
    github-linguist (2.4.0)
      charlock_holmes (~> 0.6.6)
      escape_utils (~> 0.2.3)
      mime-types (~> 1.19)
      pygments.rb (>= 0.3.0)
    github-markdown (0.5.3)
    haml (3.1.7)
    hashie (1.2.0)
    hike (1.2.1)
    html-pipeline (0.0.6)
      activesupport (>= 2)
      escape_utils (~> 0.2)
      gemoji (~> 1.0)
      github-linguist (~> 2.1)
      github-markdown (~> 0.5)
      nokogiri (~> 1.4)
      rinku (~> 1.7)
      sanitize (~> 2.0)
    httparty (0.9.0)
      multi_json (~> 1.0)
      multi_xml
    httpauth (0.2.0)
    i18n (0.6.1)
    intercom (0.0.7)
    jbuilder (0.9.0)
      activesupport (>= 3.0.0)
    journey (1.0.4)
    jquery-rails (2.1.4)
      railties (>= 3.0, < 5.0)
      thor (>= 0.14, < 2.0)
    json (1.7.5)
    jwt (0.1.5)
      multi_json (>= 1.0)
    kaminari (0.14.1)
      actionpack (>= 3.0.0)
      activesupport (>= 3.0.0)
    librato-metrics (0.7.5)
      aggregate (~> 0.2.2)
      faraday (~> 0.7)
      multi_json
    librato-rails (0.8.0)
      librato-metrics (~> 0.7.4)
      rails (>= 3.0)
    machinist (2.0)
    mail (2.4.4)
      i18n (>= 0.4.0)
      mime-types (~> 1.16)
      treetop (~> 1.4.8)
    mailgun-rails (0.1.1)
      actionmailer
      activesupport
      curb
    mime-types (1.19)
    mini_magick (3.4)
      subexec (~> 0.2.1)
    multi_json (1.5.0)
    multi_xml (0.5.1)
    multipart-post (1.1.5)
    nbtfile (0.2.0)
    net-scp (1.0.4)
      net-ssh (>= 1.99.1)
    net-ssh (2.6.2)
    nokogiri (1.5.5)
    oauth2 (0.8.0)
      faraday (~> 0.8)
      httpauth (~> 0.1)
      jwt (~> 0.1.4)
      multi_json (~> 1.0)
      rack (~> 1.2)
    omniauth (1.1.1)
      hashie (~> 1.2)
      rack
    omniauth-facebook (1.4.1)
      omniauth-oauth2 (~> 1.1.0)
    omniauth-oauth2 (1.1.1)
      oauth2 (~> 0.8.0)
      omniauth (~> 1.0)
    orm_adapter (0.4.0)
    paranoia (1.2.0)
      activerecord (>= 3.0.0)
    pg (0.14.1)
    polyglot (0.3.3)
    posix-spawn (0.3.6)
    pusher (0.11.1)
      multi_json (~> 1.0)
      signature (~> 0.1.6)
    pygments.rb (0.3.3)
      posix-spawn (~> 0.3.6)
      yajl-ruby (~> 1.1.0)
    quiet_assets (1.0.1)
      railties (~> 3.1)
    rack (1.4.1)
    rack-cache (1.2)
      rack (>= 0.4)
    rack-protection (1.3.2)
      rack
    rack-ssl (1.3.2)
      rack
    rack-test (0.6.2)
      rack (>= 1.0)
    rack-www (1.5.0)
      rack
    rails (3.2.9)
      actionmailer (= 3.2.9)
      actionpack (= 3.2.9)
      activerecord (= 3.2.9)
      activeresource (= 3.2.9)
      activesupport (= 3.2.9)
      bundler (~> 1.0)
      railties (= 3.2.9)
    rails-backbone (0.9.0)
      coffee-script (~> 2.2.0)
      ejs (~> 1.1.1)
      jquery-rails (~> 2.1.3)
      railties (>= 3.1.0)
    railties (3.2.9)
      actionpack (= 3.2.9)
      activesupport (= 3.2.9)
      rack-ssl (~> 1.3.2)
      rake (>= 0.8.7)
      rdoc (~> 3.4)
      thor (>= 0.14.6, < 2.0)
    rake (10.0.3)
    rdoc (3.12)
      json (~> 1.4)
    redis (3.0.2)
    redis-namespace (1.2.1)
      redis (~> 3.0.0)
    resque (1.23.0)
      multi_json (~> 1.0)
      redis-namespace (~> 1.0)
      sinatra (>= 0.9.2)
      vegas (~> 0.1.2)
    resque-scheduler (2.0.0)
      redis (>= 2.0.1)
      resque (>= 1.20.0)
      rufus-scheduler
    resque_mailer (2.2.1)
      actionmailer (~> 3.0)
    rest-client (1.6.7)
      mime-types (>= 1.16)
    rinku (1.7.2)
    rr (1.0.4)
    rspec-core (2.12.2)
    rspec-expectations (2.12.1)
      diff-lcs (~> 1.1.3)
    rspec-mocks (2.12.0)
    rspec-rails (2.12.0)
      actionpack (>= 3.0)
      activesupport (>= 3.0)
      railties (>= 3.0)
      rspec-core (~> 2.12.0)
      rspec-expectations (~> 2.12.0)
      rspec-mocks (~> 2.12.0)
    ruby-hmac (0.4.0)
    rubyzip (0.9.9)
    rufus-scheduler (2.0.17)
      tzinfo (>= 0.3.23)
    sanitize (2.0.3)
      nokogiri (>= 1.4.4, < 1.6)
    sass (3.2.3)
    sass-rails (3.2.5)
      railties (~> 3.2.0)
      sass (>= 3.1.10)
      tilt (~> 1.3)
    signature (0.1.6)
    simplecov (0.7.1)
      multi_json (~> 1.0)
      simplecov-html (~> 0.7.1)
    simplecov-html (0.7.1)
    sinatra (1.3.3)
      rack (~> 1.3, >= 1.3.6)
      rack-protection (~> 1.2)
      tilt (~> 1.3, >= 1.3.3)
    sitemap_generator (3.4)
      builder
    sprockets (2.2.2)
      hike (~> 1.2)
      multi_json (~> 1.0)
      rack (~> 1.0)
      tilt (~> 1.1, != 1.3.0)
    stripe (1.7.8)
      multi_json (>= 1.0.4, < 2)
      rest-client (~> 1.4)
    subexec (0.2.2)
    thin (1.5.0)
      daemons (>= 1.0.9)
      eventmachine (>= 0.12.6)
      rack (>= 1.0.0)
    thor (0.16.0)
    tilt (1.3.3)
    timecop (0.5.4)
    treetop (1.4.12)
      polyglot
      polyglot (>= 0.3.1)
    tzinfo (0.3.35)
    uglifier (1.3.0)
      execjs (>= 0.3.0)
      multi_json (~> 1.0, >= 1.0.2)
    vegas (0.1.11)
      rack (>= 1.0.0)
    warden (1.2.1)
      rack (>= 1.0)
    yajl-ruby (1.1.0)

PLATFORMS
  ruby

DEPENDENCIES
  autotest-standalone
  bourbon
  bugsnag
  cancan
  carrierwave
  coffee-rails
  decent_exposure (= 2.0.0.rc1)
  devise
  faker
  fakeweb
  flipper!
  flipper-redis!
  fog
  friendly_id
  haml
  html-pipeline
  intercom
  jbuilder
  jquery-rails
  kaminari
  librato-rails
  machinist
  mailgun-rails
  mini_magick
  nbtfile
  nokogiri
  omniauth-facebook
  paranoia
  pg
  pusher
  quiet_assets
  rack-www
  rails (= 3.2.9)
  rails-backbone
  rake
  redis
  redis-namespace
  resque
  resque-scheduler
  resque_mailer
  rest-client
  rr
  rspec-rails
  rubyzip
  sass-rails
  simplecov
  sitemap_generator
  stripe
  thin
  timecop
  uglifier
  uniquify!
